GEM
  remote: https://rubygems.org/
  specs:
    beefcake (1.2.0)
    cert_validator (0.0.1)
    concurrent-ruby (1.2.2)
    i18n (0.9.5)
      concurrent-ruby (~> 1.0)
    innertube (1.1.0)
    multi_json (1.15.0)
    riak-client (2.6.0)
      beefcake (~> 1.1)
      cert_validator (~> 0.0.1)
      i18n (~> 0.6)
      innertube (~> 1.0)
      multi_json (~> 1.0)

PLATFORMS
  x86_64-linux-musl

DEPENDENCIES
  riak-client

RUBY VERSION
   ruby 3.1.4p223

BUNDLED WITH
   2.3.26
